PATH
  remote: .
  specs:
    cli_project (0.1.0)
      require_all

GEM
  remote: https://rubygems.org/
  specs:
    rake (10.5.0)
    require_all (2.0.0)

PLATFORMS
  ruby

DEPENDENCIES
  bundler (~> 2.0)
  cli_project!
  rake (~> 10.0)
  require_all (~> 2.0.0)

BUNDLED WITH
   2.0.1
